GEM
  remote: http://rubygems.org/
  specs:
    breakpoint (2.0.5)
      compass (>= 0.12.1)
      sass (>= 3.2.0)
    ceaser-easing (0.7)
      compass (>= 0.12.2)
      rake
    chunky_png (1.2.8)
    compass (0.12.2)
      chunky_png (~> 1.2)
      fssm (>= 0.2.7)
      sass (~> 3.1)
    compass-rgbapng (0.2.1)
      chunky_png (>= 0.8.0)
      compass (>= 0.10.0)
    fssm (0.2.10)
    rake (10.1.0)
    sass (3.2.9)

PLATFORMS
  x86-mingw32

DEPENDENCIES
  breakpoint (~> 2.0)
  ceaser-easing (= 0.7)
  compass (~> 0.12)
  compass-rgbapng (~> 0.2)
  sass (~> 3.2)
